GEM
  remote: https://rubygems.org/
  specs:
    childprocess (3.0.0)
    dotenv (2.8.1)
    line-bot-api (1.25.0)
    rubyzip (2.3.2)
    selenium-webdriver (3.142.7)
      childprocess (>= 0.5, < 4.0)
      rubyzip (>= 1.2.2)

PLATFORMS
  ruby

DEPENDENCIES
  dotenv (~> 2.7, >= 2.7.2)
  line-bot-api (~> 1.2, >= 1.2.5)
  selenium-webdriver (~> 3.142, >= 3.142.2)

BUNDLED WITH
   2.3.7
